GIT
  remote: git://github.com/matthias-g/jssorslider-rails.git
  revision: 03e7ed9129bddb30bca6e11cd8904d9b0fd2bc15
  specs:
    jssorslider-rails (19.0)
      railties (>= 3.1)

GEM
  remote: https://rubygems.org/
  specs:
    actionmailer (4.1.11)
      actionpack (= 4.1.11)
      actionview (= 4.1.11)
      mail (~> 2.5, >= 2.5.4)
    actionpack (4.1.11)
      actionview (= 4.1.11)
      activesupport (= 4.1.11)
      rack (~> 1.5.2)
      rack-test (~> 0.6.2)
    actionview (4.1.11)
      activesupport (= 4.1.11)
      builder (~> 3.1)
      erubis (~> 2.7.0)
    actionview-encoded_mail_to (1.0.6)
      rails
    activemodel (4.1.11)
      activesupport (= 4.1.11)
      builder (~> 3.1)
    activerecord (4.1.11)
      activemodel (= 4.1.11)
      activesupport (= 4.1.11)
      arel (~> 5.0.0)
    activesupport (4.1.11)
      i18n (~> 0.6, >= 0.6.9)
      json (~> 1.7, >= 1.7.7)
      minitest (~> 5.1)
      thread_safe (~> 0.1)
      tzinfo (~> 1.1)
    addressable (2.3.8)
    arel (5.0.1.20140414130214)
    autoprefixer-rails (5.2.0.1)
      execjs
      json
    bcrypt (3.1.10)
    better_errors (2.1.1)
      coderay (>= 1.0.0)
      erubis (>= 2.6.6)
      rack (>= 0.9.0)
    binding_of_caller (0.7.2)
      debug_inspector (>= 0.0.1)
    bootstrap-sass (3.3.5)
      autoprefixer-rails (>= 5.0.0.1)
      sass (>= 3.2.19)
    bootstrap_form (2.3.0)
    builder (3.2.2)
    capistrano (3.4.0)
      i18n
      rake (>= 10.0.0)
      sshkit (~> 1.3)
    capistrano-bundler (1.1.4)
      capistrano (~> 3.1)
      sshkit (~> 1.2)
    capistrano-passenger (0.1.0)
      capistrano (~> 3.0)
    capistrano-rails (1.1.3)
      capistrano (~> 3.1)
      capistrano-bundler (~> 1.1)
    carrierwave (0.10.0)
      activemodel (>= 3.2.0)
      activesupport (>= 3.2.0)
      json (>= 1.7)
      mime-types (>= 1.16)
    coderay (1.1.0)
    coffee-rails (4.1.0)
      coffee-script (>= 2.2.0)
      railties (>= 4.0.0, < 5.0)
    coffee-script (2.4.1)
      coffee-script-source
      execjs
    coffee-script-source (1.9.1.1)
    colorize (0.7.7)
    debug_inspector (0.0.2)
    devise (3.5.1)
      bcrypt (~> 3.0)
      orm_adapter (~> 0.1)
      railties (>= 3.2.6, < 5)
      responders
      thread_safe (~> 0.1)
      warden (~> 1.2.3)
    dotenv (2.0.1)
    dotenv-rails (2.0.1)
      dotenv (= 2.0.1)
    erubis (2.7.0)
    execjs (2.5.2)
    friendly_id (5.1.0)
      activerecord (>= 4.0.0)
    i18n (0.7.0)
    jbuilder (2.3.0)
      activesupport (>= 3.0.0, < 5)
      multi_json (~> 1.2)
    jquery-rails (3.1.3)
      railties (>= 3.0, < 5.0)
      thor (>= 0.14, < 2.0)
    jquery-turbolinks (2.1.0)
      railties (>= 3.1.0)
      turbolinks
    jquery-ui-rails (5.0.5)
      railties (>= 3.2.16)
    json (1.8.3)
    launchy (2.4.3)
      addressable (~> 2.3)
    lazyload-rails (0.3.1)
      nokogiri (~> 1.5)
    letter_opener (1.4.1)
      launchy (~> 2.2)
    mail (2.6.3)
      mime-types (>= 1.16, < 3)
    mime-types (2.6.1)
    mini_magick (4.2.7)
    mini_portile (0.6.2)
    minitest (5.7.0)
    multi_json (1.11.1)
    net-scp (1.2.1)
      net-ssh (>= 2.6.5)
    net-ssh (2.9.2)
    nokogiri (1.6.6.2)
      mini_portile (~> 0.6.0)
    orm_adapter (0.5.0)
    pg (0.18.2)
    photoswipe-rails (4.0.8a)
    rack (1.5.5)
    rack-test (0.6.3)
      rack (>= 1.0)
    rails (4.1.11)
      actionmailer (= 4.1.11)
      actionpack (= 4.1.11)
      actionview (= 4.1.11)
      activemodel (= 4.1.11)
      activerecord (= 4.1.11)
      activesupport (= 4.1.11)
      bundler (>= 1.3.0, < 2.0)
      railties (= 4.1.11)
      sprockets-rails (~> 2.0)
    rails-i18n (4.0.4)
      i18n (~> 0.6)
      railties (~> 4.0)
    railties (4.1.11)
      actionpack (= 4.1.11)
      activesupport (= 4.1.11)
      rake (>= 0.8.7)
      thor (>= 0.18.1, < 2.0)
    rake (10.4.2)
    rdoc (4.2.0)
      json (~> 1.4)
    recaptcha (0.4.0)
    responders (1.1.2)
      railties (>= 3.2, < 4.2)
    sass (3.4.14)
    sass-rails (5.0.3)
      railties (>= 4.0.0, < 5.0)
      sass (~> 3.1)
      sprockets (>= 2.8, < 4.0)
      sprockets-rails (>= 2.0, < 4.0)
      tilt (~> 1.1)
    sdoc (0.4.1)
      json (~> 1.7, >= 1.7.7)
      rdoc (~> 4.0)
    sprockets (3.2.0)
      rack (~> 1.0)
    sprockets-rails (2.3.1)
      actionpack (>= 3.0)
      activesupport (>= 3.0)
      sprockets (>= 2.8, < 4.0)
    sqlite3 (1.3.10)
    sshkit (1.7.1)
      colorize (>= 0.7.0)
      net-scp (>= 1.1.2)
      net-ssh (>= 2.8.0)
    thor (0.19.1)
    thread_safe (0.3.5)
    tilt (1.4.1)
    turbolinks (2.5.3)
      coffee-rails
    tzinfo (1.2.2)
      thread_safe (~> 0.1)
    uglifier (2.7.1)
      execjs (>= 0.3.0)
      json (>= 1.8.0)
    warden (1.2.3)
      rack (>= 1.0)

PLATFORMS
  ruby

DEPENDENCIES
  actionview-encoded_mail_to
  better_errors
  binding_of_caller
  bootstrap-sass
  bootstrap_form
  capistrano
  capistrano-bundler
  capistrano-passenger
  capistrano-rails
  carrierwave
  coffee-rails
  devise
  dotenv-rails
  friendly_id
  jbuilder
  jquery-rails
  jquery-turbolinks
  jquery-ui-rails
  jssorslider-rails!
  lazyload-rails
  letter_opener
  mini_magick
  pg
  photoswipe-rails
  rails (~> 4.1.0)
  rails-i18n
  recaptcha
  sass-rails
  sdoc
  sqlite3
  turbolinks
  uglifier (>= 1.3.0)
